GEM
  remote: https://rubygems.org/
  specs:
    archive-zip (0.7.0)
      io-like (~> 0.3.0)
    byebug (9.0.6)
    childprocess (0.7.0)
      ffi (~> 1.0, >= 1.0.11)
    chromedriver-helper (1.1.0)
      archive-zip (~> 0.7.0)
      nokogiri (~> 1.6)
    coderay (1.1.1)
    ffi (1.9.18-x64-mingw32)
    io-like (0.3.0)
    method_source (0.8.2)
    mini_portile2 (2.2.0)
    mysql2 (0.4.6-x64-mingw32)
    nokogiri (1.8.0-x64-mingw32)
      mini_portile2 (~> 2.2.0)
    pry (0.10.4)
      coderay (~> 1.1.0)
      method_source (~> 0.8.1)
      slop (~> 3.4)
    pry-byebug (3.4.2)
      byebug (~> 9.0)
      pry (~> 0.10)
    rubyzip (1.2.1)
    selenium-webdriver (3.4.3)
      childprocess (~> 0.5)
      rubyzip (~> 1.0)
    slop (3.6.0)

PLATFORMS
  x64-mingw32

DEPENDENCIES
  chromedriver-helper
  mysql2 (>= 0.3.18, < 0.5)
  pry-byebug
  selenium-webdriver

BUNDLED WITH
   1.13.6
